GEM
  remote: https://rubygems.org/
  specs:
    activesupport (5.1.1)
      concurrent-ruby (~> 1.0, >= 1.0.2)
      i18n (~> 0.7)
      minitest (~> 5.1)
      tzinfo (~> 1.1)
    addressable (2.3.5)
    capybara (2.2.0)
      mime-types (>= 1.16)
      nokogiri (>= 1.3.3)
      rack (>= 1.0.0)
      rack-test (>= 0.5.4)
      xpath (~> 2.0)
    coderay (1.1.1)
    concurrent-ruby (1.0.5)
    diff-lcs (1.2.5)
    fakeweb (1.3.0)
    google_maps_geocoder (0.3.0)
      activesupport
      rack
    http_router (0.11.2)
      rack (>= 1.0.0)
      url_mount (~> 0.2.1)
    i18n (0.8.1)
    json (1.8.6)
    mail (2.6.5)
      mime-types (>= 1.16, < 4)
    method_source (0.8.2)
    mime-types (2.99.3)
    mini_portile2 (2.4.0)
    minitest (5.10.2)
    moneta (0.7.20)
    nokogiri (1.10.3)
      mini_portile2 (~> 2.4.0)
    padrino (0.12.8)
      padrino-admin (= 0.12.8)
      padrino-cache (= 0.12.8)
      padrino-core (= 0.12.8)
      padrino-gen (= 0.12.8)
      padrino-helpers (= 0.12.8)
      padrino-mailer (= 0.12.8)
      padrino-support (= 0.12.8)
    padrino-admin (0.12.8)
      padrino-core (= 0.12.8)
      padrino-helpers (= 0.12.8)
    padrino-cache (0.12.8)
      moneta (~> 0.7.0)
      padrino-core (= 0.12.8)
      padrino-helpers (= 0.12.8)
    padrino-core (0.12.8)
      activesupport (>= 3.1)
      http_router (~> 0.11.0)
      padrino-support (= 0.12.8)
      rack (< 1.6.0)
      rack-protection (>= 1.5.0)
      sinatra (~> 1.4.2)
      thor (~> 0.18)
    padrino-gen (0.12.8)
      bundler (~> 1.0)
      padrino-core (= 0.12.8)
    padrino-helpers (0.12.8)
      i18n (~> 0.6, >= 0.6.7)
      padrino-support (= 0.12.8)
      tilt (~> 1.4.1)
    padrino-mailer (0.12.8)
      mail (~> 2.5)
      mime-types (< 3)
      padrino-core (= 0.12.8)
    padrino-support (0.12.8)
      activesupport (>= 3.1)
    pry (0.9.12.4)
      coderay (~> 1.0)
      method_source (~> 0.8)
      slop (~> 3.4)
    puma (3.8.2)
    rack (1.5.5)
    rack-protection (1.5.5)
      rack
    rack-test (0.6.2)
      rack (>= 1.0)
    rake (10.1.1)
    rspec (2.14.1)
      rspec-core (~> 2.14.0)
      rspec-expectations (~> 2.14.0)
      rspec-mocks (~> 2.14.0)
    rspec-core (2.14.7)
    rspec-expectations (2.14.4)
      diff-lcs (>= 1.1.3, < 2.0)
    rspec-mocks (2.14.4)
    sinatra (1.4.8)
      rack (~> 1.5)
      rack-protection (~> 1.4)
      tilt (>= 1.3, < 3)
    sinatra-flash (0.3.0)
      sinatra (>= 1.0.0)
    slop (3.6.0)
    thor (0.19.4)
    thread_safe (0.3.6)
    tilt (1.4.1)
    tzinfo (1.2.3)
      thread_safe (~> 0.1)
    url_mount (0.2.1)
      rack
    xpath (2.0.0)
      nokogiri (~> 1.3)

PLATFORMS
  ruby

DEPENDENCIES
  activesupport
  addressable
  capybara
  fakeweb
  google_maps_geocoder (~> 0.3.0)
  json (~> 1.8.1)
  nokogiri
  padrino (~> 0.12.0)
  pry
  puma
  rack-test
  rake
  rspec
  sinatra-flash
  xpath

RUBY VERSION
   ruby 2.6.2p47

BUNDLED WITH
   1.17.2
